PATH
  remote: .
  specs:
    apk (0.1.1)
      rubyzip

GEM
  remote: http://rubygems.org/
  specs:
    ZenTest (4.8.2)
    autotest (4.4.6)
      ZenTest (>= 4.4.1)
    diff-lcs (1.1.3)
    rake (0.9.2.2)
    rspec (2.11.0)
      rspec-core (~> 2.11.0)
      rspec-expectations (~> 2.11.0)
      rspec-mocks (~> 2.11.0)
    rspec-core (2.11.1)
    rspec-expectations (2.11.2)
      diff-lcs (~> 1.1.3)
    rspec-mocks (2.11.1)
    rubyzip (0.9.9)

PLATFORMS
  ruby

DEPENDENCIES
  apk!
  autotest
  rake
  rspec
  rubyzip
